GEM
  remote: https://rubygems.org/
  specs:
    mail (2.6.3)
      mime-types (>= 1.16, < 3)
    mail-iso-2022-jp (2.0.4)
      mail (>= 2.2.6, <= 2.6.3)
    mime-types (2.4.3)
    settingslogic (2.0.9)
    thor (0.19.1)

PLATFORMS
  ruby

DEPENDENCIES
  mail
  mail-iso-2022-jp
  settingslogic
  thor
